PATH
  remote: .
  specs:
    snmplook (0.0.1)
      methadone (~> 1.2.6)

GEM
  remote: https://rubygems.org/
  specs:
    aruba (0.5.1)
      childprocess (~> 0.3.6)
      cucumber (>= 1.1.1)
      rspec-expectations (>= 2.7.0)
    builder (3.2.0)
    childprocess (0.3.9)
      ffi (~> 1.0, >= 1.0.11)
    cucumber (1.2.3)
      builder (>= 2.1.2)
      diff-lcs (>= 1.1.3)
      gherkin (~> 2.11.6)
      multi_json (~> 1.3)
    diff-lcs (1.2.1)
    ffi (1.6.0)
    gherkin (2.11.6)
      json (>= 1.7.6)
    ipscanner (0.1.9)
    json (1.7.7)
    methadone (1.2.6)
      bundler
    multi_json (1.7.2)
    rake (0.9.6)
    rdoc (4.0.1)
      json (~> 1.4)
    rspec-expectations (2.13.0)
      diff-lcs (>= 1.1.3, < 2.0)
    snmp (1.1.1)

PLATFORMS
  ruby

DEPENDENCIES
  aruba
  ipscanner
  rake (~> 0.9.2)
  rdoc
  snmp
  snmplook!
